PATH
  remote: /Users/japhy/Projekty/Forks/opscode/omnibus-ruby
  specs:
    omnibus (1.0.4)
      fpm (~> 0.4.33)
      mixlib-config (~> 1.1.2)
      mixlib-shellout (~> 1.0)
      ohai (>= 0.6.12)
      rake (>= 0.9)
      thor (>= 0.16.0)
      uber-s3

PATH
  remote: /Users/japhy/Projekty/Forks/opscode/omnibus-software
  specs:
    omnibus-software (0.0.1)

GEM
  remote: https://rubygems.org/
  specs:
    arr-pm (0.0.8)
      cabin (> 0)
    awesome_print (1.1.0)
    backports (2.6.2)
    cabin (0.6.0)
    clamp (0.3.1)
    coderay (1.0.9)
    fpm (0.4.33)
      arr-pm (~> 0.0.8)
      backports (= 2.6.2)
      cabin (>= 0.6.0)
      clamp (= 0.3.1)
      json (~> 1.7.7)
      open4
    interception (0.3)
    ipaddress (0.8.0)
    json (1.7.7)
    method_source (0.8.1)
    mime-types (1.23)
    mixlib-cli (1.3.0)
    mixlib-config (1.1.2)
    mixlib-log (1.6.0)
    mixlib-shellout (1.1.0)
    ohai (6.16.0)
      ipaddress
      mixlib-cli
      mixlib-config
      mixlib-log
      mixlib-shellout
      systemu
      yajl-ruby
    open4 (1.3.0)
    pry (0.9.12.2)
      coderay (~> 1.0.5)
      method_source (~> 0.8)
      slop (~> 3.4)
    pry-rescue (1.1.0)
      interception (>= 0.3)
      pry
    rake (10.0.4)
    slop (3.4.4)
    systemu (2.5.2)
    thor (0.18.1)
    uber-s3 (0.2.4)
      mime-types (~> 1.17)
    yajl-ruby (1.1.0)

PLATFORMS
  ruby

DEPENDENCIES
  awesome_print
  omnibus (~> 1.0.0)!
  omnibus-software!
  pry
  pry-rescue
